GEM
  remote: http://rubygems.org/
  specs:
    rake (0.9.2.2)
    rubyzip (0.9.7)

PLATFORMS
  ruby

DEPENDENCIES
  rake
  rubyzip
