GEM
  remote: http://rubygems.org/
  specs:
    pg (0.13.2)
    rake (0.9.2.2)
    rubyzip (0.9.7)

PLATFORMS
  ruby

DEPENDENCIES
  pg
  rake
  rubyzip
